GEM
  remote: https://rubygems.org/
  specs:
    color (1.6)
    diff-lcs (1.2.5)
    ffi (1.9.3)
    kwalify (0.7.2)
    libusb (0.4.1)
      ffi (>= 1.0)
    mini_portile (0.6.0)
    nokogiri (1.6.2.1)
      mini_portile (= 0.6.0)
    rake (10.3.2)
    rspec (2.14.1)
      rspec-core (~> 2.14.0)
      rspec-expectations (~> 2.14.0)
      rspec-mocks (~> 2.14.0)
    rspec-core (2.14.8)
    rspec-expectations (2.14.5)
      diff-lcs (>= 1.1.3, < 2.0)
    rspec-mocks (2.14.6)

PLATFORMS
  ruby

DEPENDENCIES
  color
  kwalify
  libusb
  nokogiri
  rake
  rspec
